NUGET
  remote: https://nuget.org/api/v2
  specs:
    Castle.Core (3.3.3)
    Castle.Core-log4net (3.3.3)
      Castle.Core (>= 3.3.3)
      log4net (1.2.10)
    Castle.LoggingFacility (3.3.0)
      Castle.Core (>= 3.3.0)
      Castle.Windsor (>= 3.3.0)
    Castle.Windsor (3.3.0)
      Castle.Core (>= 3.3.0)
    Castle.Windsor-log4net (3.3.0)
      Castle.Core-log4net (>= 3.3.0)
      Castle.LoggingFacility (>= 3.3.0)
    FAKE.Lib (4.5.6)
    FSharp.Compiler.Service (1.4.0.6)
    ilmerge (2.14.1208)
    log4net (1.2.10)
    NUnit (2.6.4)
